GEM
  remote: https://ruby.taobao.org/
  specs:

PLATFORMS
  ruby

DEPENDENCIES
